GEM
  remote: https://rubygems.org/
  specs:
    kgio (2.8.0)
    mustache (0.99.4)
    mysql (2.9.1)
    rack (1.5.2)
    raindrops (0.10.0)
    sequel (3.45.0)
    shotgun (0.9)
      rack (>= 1.0)
    unicorn (4.6.2)
      kgio (~> 2.6)
      rack
      raindrops (~> 0.7)

PLATFORMS
  ruby

DEPENDENCIES
  mustache
  mysql
  rack
  sequel
  shotgun
  unicorn
